GEM
  remote: https://rubygems.org/
  specs:
    addressable (2.5.0)
      public_suffix (~> 2.0, >= 2.0.2)
    json-schema (2.7.0)
      addressable (>= 2.4)
    public_suffix (2.0.4)
    slop (4.4.1)

PLATFORMS
  ruby

DEPENDENCIES
  json-schema
  slop

BUNDLED WITH
   1.11.2
