GEM
  remote: https://rubygems.org/
  specs:
    slop (4.4.1)

PLATFORMS
  ruby

DEPENDENCIES
  slop (~> 4.4, >= 4.4.1)

BUNDLED WITH
   1.11.2
